PATH
  remote: .
  specs:
    mediawiki_api (0.1.3)
      faraday (~> 0.9, >= 0.9.0)
      faraday-cookie_jar (~> 0.0, >= 0.0.6)

GEM
  remote: https://rubygems.org/
  specs:
    addressable (2.3.6)
    crack (0.4.2)
      safe_yaml (~> 1.0.0)
    diff-lcs (1.2.5)
    domain_name (0.5.19)
      unf (>= 0.0.5, < 1.0.0)
    faraday (0.9.0)
      multipart-post (>= 1.2, < 3)
    faraday-cookie_jar (0.0.6)
      faraday (>= 0.7.4)
      http-cookie (~> 1.0.0)
    http-cookie (1.0.2)
      domain_name (~> 0.5)
    multipart-post (2.0.0)
    rake (0.9.6)
    rspec (3.0.0)
      rspec-core (~> 3.0.0)
      rspec-expectations (~> 3.0.0)
      rspec-mocks (~> 3.0.0)
    rspec-core (3.0.2)
      rspec-support (~> 3.0.0)
    rspec-expectations (3.0.2)
      diff-lcs (>= 1.2.0, < 2.0)
      rspec-support (~> 3.0.0)
    rspec-mocks (3.0.2)
      rspec-support (~> 3.0.0)
    rspec-support (3.0.2)
    safe_yaml (1.0.3)
    unf (0.1.4)
      unf_ext
    unf_ext (0.0.6)
    webmock (1.18.0)
      addressable (>= 2.3.6)
      crack (>= 0.3.2)

PLATFORMS
  ruby

DEPENDENCIES
  bundler (~> 1.3)
  mediawiki_api!
  rake (~> 0)
  rspec (~> 3.0, >= 3.0.0)
  webmock (~> 1.17, >= 1.17.2)
